PATH
  remote: .
  specs:
    fastcluster (1.0)

GEM
  remote: http://rubygems.org/
  specs:
    rspec (1.3.2)

PLATFORMS
  ruby

DEPENDENCIES
  fastcluster!
  rspec (< 2)
