PATH
  remote: .
  specs:
    fastcluster (1.0.1)

GEM
  remote: http://rubygems.org/
  specs:
    rake (0.9.2)
    rspec (1.3.2)

PLATFORMS
  ruby

DEPENDENCIES
  fastcluster!
  rake
  rspec (< 2)
